PATH
  remote: /home/app/codeclimate-parser-client
  specs:
    codeclimate-parser-client (0.0.0)
      ast (~> 2.3)
      excon (~> 0.57.0)

GEM
  remote: https://rubygems.org/
  specs:
    ast (2.4.2)
    coderay (1.1.3)
    concurrent-ruby (1.0.5)
    diff-lcs (1.5.0)
    erubis (2.7.0)
    excon (0.57.1)
    flay (2.12.1)
      erubis (~> 2.7.0)
      path_expander (~> 1.0)
      ruby_parser (~> 3.0)
      sexp_processor (~> 4.0)
    method_source (1.0.0)
    path_expander (1.1.0)
    pry (0.14.1)
      coderay (~> 1.1)
      method_source (~> 1.0)
    rake (13.0.6)
    rspec (3.10.0)
      rspec-core (~> 3.10.0)
      rspec-expectations (~> 3.10.0)
      rspec-mocks (~> 3.10.0)
    rspec-core (3.10.2)
      rspec-support (~> 3.10.0)
    rspec-expectations (3.10.2)
      diff-lcs (>= 1.2.0, < 2.0)
      rspec-support (~> 3.10.0)
    rspec-mocks (3.10.2)
      diff-lcs (>= 1.2.0, < 2.0)
      rspec-support (~> 3.10.0)
    rspec-support (3.10.3)
    ruby_parser (3.18.1)
      sexp_processor (~> 4.16)
    sexp_processor (4.16.0)

PLATFORMS
  x86_64-linux

DEPENDENCIES
  codeclimate-parser-client!
  concurrent-ruby (~> 1.0.0)
  flay (~> 2.12)
  pry
  rake
  rspec
  sexp_processor (~> 4.16)

BUNDLED WITH
   2.2.26
