PATH
  remote: /home/app/codeclimate-parser-client
  specs:
    codeclimate-parser-client (0.0.0)
      ast (~> 2.3)
      excon (~> 0.99.0)

GEM
  remote: https://rubygems.org/
  specs:
    ast (2.4.2)
    coderay (1.1.3)
    concurrent-ruby (1.0.5)
    diff-lcs (1.5.0)
    erubi (1.12.0)
    excon (0.99.0)
    flay (2.13.1)
      erubi (~> 1.10)
      path_expander (~> 1.0)
      ruby_parser (~> 3.0)
      sexp_processor (~> 4.0)
    method_source (1.0.0)
    path_expander (1.1.1)
    pry (0.14.2)
      coderay (~> 1.1)
      method_source (~> 1.0)
    rake (13.1.0)
    rspec (3.12.0)
      rspec-core (~> 3.12.0)
      rspec-expectations (~> 3.12.0)
      rspec-mocks (~> 3.12.0)
    rspec-core (3.12.2)
      rspec-support (~> 3.12.0)
    rspec-expectations (3.12.3)
      diff-lcs (>= 1.2.0, < 2.0)
      rspec-support (~> 3.12.0)
    rspec-mocks (3.12.6)
      diff-lcs (>= 1.2.0, < 2.0)
      rspec-support (~> 3.12.0)
    rspec-support (3.12.1)
    ruby_parser (3.20.3)
      sexp_processor (~> 4.16)
    sexp_processor (4.17.0)

PLATFORMS
  ruby

DEPENDENCIES
  codeclimate-parser-client!
  concurrent-ruby (~> 1.0.0)
  flay (~> 2.13.1)
  pry
  rake
  rspec
  sexp_processor (~> 4.17)

BUNDLED WITH
   2.4.22
